GEM
  remote: https://rubygems.org/
  specs:
    kramdown (1.16.2)
    mdl (0.4.0)
      kramdown (~> 1.12, >= 1.12.0)
      mixlib-cli (~> 1.7, >= 1.7.0)
      mixlib-config (~> 2.2, >= 2.2.1)
    mixlib-cli (1.7.0)
    mixlib-config (2.2.4)

PLATFORMS
  ruby

DEPENDENCIES
  mdl (~> 0.4.0)

BUNDLED WITH
   1.16.1
